GEM
  remote: http://rubygems.org/
  specs:
    bit-packer (0.1.0)
      lookup-hash (>= 0.2.0)
    frozen-objects (0.2.0)
    git (1.2.5)
    hash-utils (0.11.0)
    jeweler (1.5.2)
      bundler (~> 1.0.0)
      git (>= 1.2.5)
      rake
    lookup-hash (0.2.0)
      hash-utils (>= 0.11.0)
    rake (0.8.7)
    riot (0.12.2)
      rr
    rr (1.0.2)

PLATFORMS
  ruby

DEPENDENCIES
  bit-packer (>= 0.1.0)
  bundler (~> 1.0.0)
  frozen-objects (>= 0.2.0)
  jeweler (~> 1.5.2)
  riot (>= 0.12.1)
